GIT
  remote: https://github.com/prontolabs/pronto
  revision: 52c6a771cb5e6c3274b3f7d3f60122fb2f1c9d69
  specs:
    pronto (0.10.0)
      gitlab (~> 4.4, >= 4.4.0)
      httparty (>= 0.13.7)
      octokit (~> 4.7, >= 4.7.0)
      rainbow (>= 2.2, < 4.0)
      rugged (~> 0.24, >= 0.23.0)
      thor (>= 0.20.3, < 2.0)

GIT
  remote: https://github.com/prontolabs/pronto-rubocop
  revision: 0a2f99f6298a7df585335a60bdb52cc2ea732a37
  specs:
    pronto-rubocop (0.10.0)
      pronto (~> 0.10.0)
      rubocop (~> 0.60, >= 0.49.1)

GEM
  remote: https://rubygems.org/
  specs:
    activesupport (6.0.3.1)
      concurrent-ruby (~> 1.0, >= 1.0.2)
      i18n (>= 0.7, < 2)
      minitest (~> 5.1)
      tzinfo (~> 1.1)
      zeitwerk (~> 2.2, >= 2.2.2)
    addressable (2.7.0)
      public_suffix (>= 2.0.2, < 5.0)
    ast (2.4.0)
    axiom-types (0.1.1)
      descendants_tracker (~> 0.0.4)
      ice_nine (~> 0.11.0)
      thread_safe (~> 0.3, >= 0.3.1)
    brakeman (4.8.2)
    code_analyzer (0.5.1)
      sexp_processor
    codeclimate-engine-rb (0.4.1)
      virtus (~> 1.0)
    coercible (1.0.0)
      descendants_tracker (~> 0.0.1)
    colorize (0.8.1)
    concurrent-ruby (1.1.6)
    descendants_tracker (0.0.4)
      thread_safe (~> 0.3, >= 0.3.1)
    equalizer (0.0.11)
    erubis (2.7.0)
    faraday (1.0.1)
      multipart-post (>= 1.2, < 3)
    fasterer (0.8.3)
      colorize (~> 0.7)
      ruby_parser (>= 3.14.1)
    gitlab (4.15.0)
      httparty (~> 0.14, >= 0.14.0)
      terminal-table (~> 1.5, >= 1.5.1)
    httparty (0.18.0)
      mime-types (~> 3.0)
      multi_xml (>= 0.5.2)
    i18n (1.8.2)
      concurrent-ruby (~> 1.0)
    ice_nine (0.11.2)
    json (2.3.0)
    kwalify (0.7.2)
    mime-types (3.3.1)
      mime-types-data (~> 3.2015)
    mime-types-data (3.2020.0512)
    minitest (5.14.1)
    multi_xml (0.6.0)
    multipart-post (2.1.1)
    octokit (4.18.0)
      faraday (>= 0.9)
      sawyer (~> 0.8.0, >= 0.5.3)
    parallel (1.19.1)
    parser (2.7.1.2)
      ast (~> 2.4.0)
    pronto-brakeman (0.10.0)
      brakeman (>= 3.2.0)
      pronto (~> 0.10.0)
    pronto-eslint_npm (0.10.1)
      pronto (~> 0.10.0)
    pronto-fasterer (0.10.0)
      fasterer (~> 0.3, >= 0.3.0)
      pronto (~> 0.10.0)
    pronto-rails_best_practices (0.10.0)
      pronto (~> 0.10.0)
      rails_best_practices (~> 1.16, >= 1.15.0)
    pronto-reek (0.10.0)
      pronto (~> 0.10.0)
      reek (>= 4.2, < 6.0)
    pronto-stylelint (0.10.0)
      pronto (~> 0.10.0)
      rugged (~> 0.24, >= 0.23.0)
    psych (3.1.0)
    public_suffix (4.0.5)
    rack (2.2.3)
    rails_best_practices (1.20.0)
      activesupport
      code_analyzer (>= 0.5.1)
      erubis
      i18n
      json
      require_all (~> 3.0)
      ruby-progressbar
    rainbow (3.0.0)
    reek (5.6.0)
      codeclimate-engine-rb (~> 0.4.0)
      kwalify (~> 0.7.0)
      parser (>= 2.5.0.0, < 2.8, != 2.5.1.1)
      psych (~> 3.1.0)
      rainbow (>= 2.0, < 4.0)
    require_all (3.0.0)
    rexml (3.2.4)
    rubocop (0.84.0)
      parallel (~> 1.10)
      parser (>= 2.7.0.1)
      rainbow (>= 2.2.2, < 4.0)
      rexml
      rubocop-ast (>= 0.0.3)
      ruby-progressbar (~> 1.7)
      unicode-display_width (>= 1.4.0, < 2.0)
    rubocop-ast (0.0.3)
      parser (>= 2.7.0.1)
    rubocop-performance (1.5.2)
      rubocop (>= 0.71.0)
    rubocop-rails (2.5.2)
      activesupport
      rack (>= 1.1)
      rubocop (>= 0.72.0)
    rubocop-rspec (1.39.0)
      rubocop (>= 0.68.1)
    ruby-progressbar (1.10.1)
    ruby_parser (3.14.2)
      sexp_processor (~> 4.9)
    rugged (0.99.0)
    sawyer (0.8.2)
      addressable (>= 2.3.5)
      faraday (> 0.8, < 2.0)
    sexp_processor (4.14.1)
    terminal-table (1.8.0)
      unicode-display_width (~> 1.1, >= 1.1.1)
    thor (1.0.1)
    thread_safe (0.3.6)
    tzinfo (1.2.7)
      thread_safe (~> 0.1)
    unicode-display_width (1.7.0)
    virtus (1.0.5)
      axiom-types (~> 0.1)
      coercible (~> 1.0)
      descendants_tracker (~> 0.0, >= 0.0.3)
      equalizer (~> 0.0, >= 0.0.9)
    zeitwerk (2.3.0)

PLATFORMS
  ruby

DEPENDENCIES
  pronto!
  pronto-brakeman
  pronto-eslint_npm
  pronto-fasterer
  pronto-rails_best_practices
  pronto-reek
  pronto-rubocop!
  pronto-stylelint
  rubocop
  rubocop-performance
  rubocop-rails
  rubocop-rspec

RUBY VERSION
   ruby 2.7.1p83

BUNDLED WITH
   2.1.4
